PATH
  remote: .
  specs:
    lex-ssh (0.1.0)
      bcrypt_pbkdf
      ed25519
      net-ssh

GEM
  remote: https://rubygems.org/
  specs:
    bcrypt_pbkdf (1.0.1)
    diff-lcs (1.4.4)
    ed25519 (1.2.4)
    net-ssh (6.1.0)
    rake (12.3.3)
    rspec (3.10.0)
      rspec-core (~> 3.10.0)
      rspec-expectations (~> 3.10.0)
      rspec-mocks (~> 3.10.0)
    rspec-core (3.10.0)
      rspec-support (~> 3.10.0)
    rspec-expectations (3.10.0)
      diff-lcs (>= 1.2.0, < 2.0)
      rspec-support (~> 3.10.0)
    rspec-mocks (3.10.0)
      diff-lcs (>= 1.2.0, < 2.0)
      rspec-support (~> 3.10.0)
    rspec-support (3.10.0)

PLATFORMS
  ruby

DEPENDENCIES
  lex-ssh!
  rake (~> 12.0)
  rspec (~> 3.0)

BUNDLED WITH
   2.1.4
